GEM
  remote: http://rubygems.org/
  specs:
    abstract (1.0.0)
    actionmailer (2.3.8)
      actionpack (= 2.3.8)
    actionpack (2.3.8)
      activesupport (= 2.3.8)
      rack (~> 1.1.0)
    activerecord (2.3.8)
      activesupport (= 2.3.8)
    activeresource (2.3.8)
      activesupport (= 2.3.8)
    activesupport (2.3.8)
    addressable (2.8.0)
      public_suffix (>= 2.0.2, < 5.0)
    annoy (0.5.6)
      highline (>= 1.5.0)
    chronic (0.10.2)
    connection_pool (2.2.5)
    domain_name (0.5.20190701)
      unf (>= 0.0.5, < 1.0.0)
    drydock (0.6.9)
    erubis (2.6.6)
      abstract (>= 1.0.0)
    geokit (1.5.0)
    highline (1.6.1)
    hpricot (0.8.2)
    http-cookie (1.0.5)
      domain_name (~> 0.5)
    jrails (0.6.0)
    mechanize (2.8.5)
      addressable (~> 2.8)
      domain_name (~> 0.5, >= 0.5.20190701)
      http-cookie (~> 1.0, >= 1.0.3)
      mime-types (~> 3.0)
      net-http-digest_auth (~> 1.4, >= 1.4.1)
      net-http-persistent (>= 2.5.2, < 5.0.dev)
      nokogiri (~> 1.11, >= 1.11.2)
      rubyntlm (~> 0.6, >= 0.6.3)
      webrick (~> 1.7)
      webrobots (~> 0.1.2)
    memcached (0.20.1)
    mime-types (3.4.1)
      mime-types-data (~> 3.2015)
    mime-types-data (3.2022.0105)
    mini_portile2 (2.8.0)
    mysql2 (0.2.3)
    net-http-digest_auth (1.4.1)
    net-http-persistent (4.0.1)
      connection_pool (~> 2.2)
    net-scp (1.0.3)
      net-ssh (>= 1.99.1)
    net-ssh (2.0.23)
    nokogiri (1.13.6)
      mini_portile2 (~> 2.8.0)
      racc (~> 1.4)
    paperclip (2.3.3)
      activerecord
      activesupport
    public_suffix (4.0.7)
    racc (1.6.0)
    rack (1.1.0)
    rails (2.3.8)
      actionmailer (= 2.3.8)
      actionpack (= 2.3.8)
      activerecord (= 2.3.8)
      activeresource (= 2.3.8)
      activesupport (= 2.3.8)
      rake (>= 0.8.3)
    rake (0.8.7)
    rubyntlm (0.6.3)
    russian (0.2.7)
    rye (0.9.0)
      annoy
      highline (>= 1.5.1)
      net-scp (>= 1.0.2)
      net-ssh (>= 2.0.13)
      sysinfo (>= 0.7.0)
    storable (0.8.1)
    sysinfo (0.7.3)
      drydock
      storable
    unf (0.1.4)
      unf_ext
    unf_ext (0.0.8.2)
    unichars (0.5)
    unicorn (1.1.3)
      rack
    webrick (1.7.0)
    webrobots (0.1.2)
    whenever (0.5.0)
      chronic (>= 0.2.3)
    will_paginate (2.3.14)

PLATFORMS
  ruby

DEPENDENCIES
  erubis
  geokit
  hpricot
  jrails
  mechanize
  memcached
  mysql2
  paperclip
  rack
  rails (~> 2.3.8)
  russian
  rye
  unichars
  unicorn
  whenever
  will_paginate
