GEM
  remote: http://rubygems.org/
  specs:
    abstract (1.0.0)
    actionmailer (2.3.8)
      actionpack (= 2.3.8)
    actionpack (2.3.8)
      activesupport (= 2.3.8)
      rack (~> 1.1.0)
    activerecord (2.3.8)
      activesupport (= 2.3.8)
    activeresource (2.3.8)
      activesupport (= 2.3.8)
    activesupport (2.3.8)
    annoy (0.5.6)
      highline (>= 1.5.0)
    chronic (0.3.0.2)
    drydock (0.6.9)
    erubis (2.6.6)
      abstract (>= 1.0.0)
    geokit (1.5.0)
    highline (1.6.1)
    hpricot (0.8.2)
    jrails (0.6.0)
    mechanize (1.0.0)
      nokogiri (>= 1.2.1)
    memcached (0.20.1)
    mysql2 (0.2.3)
    net-scp (1.0.3)
      net-ssh (>= 1.99.1)
    net-ssh (2.0.23)
    nokogiri (1.4.3.1)
    paperclip (2.3.3)
      activerecord
      activesupport
    rack (1.1.0)
    rails (2.3.8)
      actionmailer (= 2.3.8)
      actionpack (= 2.3.8)
      activerecord (= 2.3.8)
      activeresource (= 2.3.8)
      activesupport (= 2.3.8)
      rake (>= 0.8.3)
    rake (0.8.7)
    russian (0.2.7)
    rye (0.9.0)
      annoy
      highline (>= 1.5.1)
      net-scp (>= 1.0.2)
      net-ssh (>= 2.0.13)
      sysinfo (>= 0.7.0)
    storable (0.8.1)
    sysinfo (0.7.3)
      drydock
      storable
    unichars (0.5)
    unicorn (1.1.3)
      rack
    whenever (0.5.0)
      chronic (>= 0.2.3)
    will_paginate (2.3.14)

PLATFORMS
  ruby

DEPENDENCIES
  erubis
  geokit
  hpricot
  jrails
  mechanize
  memcached
  mysql2
  paperclip
  rack
  rails (~> 2.3.8)
  russian
  rye
  unichars
  unicorn
  whenever
  will_paginate
